GEM
  remote: https://rubygems.org/
  specs:
    ice_nine (0.11.1)

PLATFORMS
  ruby

DEPENDENCIES
  ice_nine
