GEM
  remote: https://rubygems.org/
  specs:
    damerau-levenshtein (1.0.3)
    deepopenstruct (0.1.2)
    ice_nine (0.11.1)
    json (1.8.2)
    rottentomatoes (1.1.0)
      deepopenstruct (>= 0.1.2)
      json

PLATFORMS
  ruby

DEPENDENCIES
  damerau-levenshtein
  ice_nine
  rottentomatoes
